PATH
  remote: .
  specs:
    piwigo-api (0.5.2)
      http (~> 4.2)
      logger (~> 1.4)

GEM
  remote: https://rubygems.org/
  specs:
    addressable (2.7.0)
      public_suffix (>= 2.0.2, < 5.0)
    codecov (0.1.16)
      json
      simplecov
      url
    docile (1.3.2)
    domain_name (0.5.20190701)
      unf (>= 0.0.5, < 1.0.0)
    ffi (1.11.2)
    ffi (1.11.2-x64-mingw32)
    ffi-compiler (1.0.1)
      ffi (>= 1.0.0)
      rake
    http (4.2.0)
      addressable (~> 2.3)
      http-cookie (~> 1.0)
      http-form_data (~> 2.0)
      http-parser (~> 1.2.0)
    http-cookie (1.0.3)
      domain_name (~> 0.5)
    http-form_data (2.1.1)
    http-parser (1.2.1)
      ffi-compiler (>= 1.0, < 2.0)
    json (2.2.0)
    logger (1.4.1)
    minitest (5.13.0)
    public_suffix (4.0.1)
    rake (10.5.0)
    simplecov (0.17.1)
      docile (~> 1.1)
      json (>= 1.8, < 3)
      simplecov-html (~> 0.10.0)
    simplecov-html (0.10.2)
    unf (0.1.4)
      unf_ext
    unf_ext (0.0.7.6)
    url (0.3.2)

PLATFORMS
  ruby
  x64-mingw32

DEPENDENCIES
  bundler (~> 2.0)
  codecov (>= 0.1.10)
  minitest (~> 5.0)
  piwigo-api!
  rake (~> 10.0)
  simplecov (~> 0.17)

BUNDLED WITH
   2.0.2
