PATH
  remote: .
  specs:
    piwigo (0.1.0)

GEM
  remote: https://rubygems.org/
  specs:
    minitest (5.13.0)
    rake (10.5.0)

PLATFORMS
  x64-mingw32

DEPENDENCIES
  bundler (~> 2.0)
  minitest (~> 5.0)
  piwigo!
  rake (~> 10.0)

BUNDLED WITH
   2.0.2
